GEM
  remote: http://rubygems.org/
  specs:
    exifr (1.1.1)

PLATFORMS
  x86-mingw32

DEPENDENCIES
  exifr
